NUGET
  remote: https://www.nuget.org/api/v2
    FParsec (1.0.2)
