NUGET
  remote: https://nuget.org/api/v2
  specs:
    FParsec (1.0.2)
